GEM
  remote: https://rubygems.org/
  specs:
    debase (0.2.2)
      debase-ruby_core_source (>= 0.10.2)
    debase-ruby_core_source (0.10.2)
    espeak-ruby (1.0.4)
    geocoder (1.4.5)
    gosu (0.13.2-x64-mingw32)
    highline (1.7.10)
    rake (12.0.0)
    ruby-debug-ide (0.6.1)
      rake (>= 0.8.1)

PLATFORMS
  x64-mingw32

DEPENDENCIES
  debase
  espeak-ruby
  geocoder
  gosu
  highline
  ruby-debug-ide

BUNDLED WITH
   1.16.1
