GEM
  remote: https://rubygems.org/
  specs:
    geocoder (1.4.5)
    highline (1.7.10)

PLATFORMS
  x64-mingw32

DEPENDENCIES
  geocoder
  highline

BUNDLED WITH
   1.16.1
